GIT
  remote: git://github.com/ResultadosDigitais/mailcannon.git
  revision: e1c2ee8380a9366dbda7715a7196ccc44e26ca71
  specs:
    mailcannon (0.3.12)
      activemodel (>= 3.0.0)
      json-schema
      librato-metrics
      mongoid (= 3.1.6)
      redis
      sendgrid_webapi (= 0.0.3)
      sidekiq (= 2.17.7)

GEM
  remote: https://rubygems.org/
  specs:
    activemodel (3.2.18)
      activesupport (= 3.2.18)
      builder (~> 3.0.0)
    activesupport (3.2.18)
      i18n (~> 0.6, >= 0.6.4)
      multi_json (~> 1.0)
    addressable (2.3.6)
    aggregate (0.2.2)
    builder (3.0.4)
    celluloid (0.15.2)
      timers (~> 1.1.0)
    coderay (1.1.0)
    connection_pool (2.0.0)
    daemons (1.1.9)
    eventmachine (1.0.7)
    faraday (0.8.9)
      multipart-post (~> 1.2.0)
    i18n (0.6.9)
    json (1.8.1)
    json-schema (2.5.0)
      addressable (~> 2.3)
    kiqstand (1.1.0)
      mongoid (~> 3.1)
      moped (~> 1.4)
    librato-metrics (1.3.2)
      aggregate (~> 0.2.2)
      faraday (~> 0.7)
      multi_json
    librato-rack (0.4.4)
      librato-metrics (~> 1.1)
    librato-sidekiq (0.1.2)
      sidekiq
    method_source (0.8.2)
    mongoid (3.1.6)
      activemodel (~> 3.2)
      moped (~> 1.4)
      origin (~> 1.0)
      tzinfo (~> 0.3.29)
    moped (1.5.2)
    multi_json (1.10.1)
    multipart-post (1.2.0)
    newrelic_rpm (3.11.1.284)
    origin (1.1.0)
    pry (0.9.12.6)
      coderay (~> 1.0)
      method_source (~> 0.8)
      slop (~> 3.4)
    pry-nav (0.2.3)
      pry (~> 0.9.10)
    rack (1.5.2)
    rake (10.3.1)
    redis (3.0.7)
    redis-namespace (1.4.1)
      redis (~> 3.0.4)
    sendgrid_webapi (0.0.3)
      faraday (~> 0.8.0)
      json (~> 1.8.0)
    sidekiq (2.17.7)
      celluloid (>= 0.15.2)
      connection_pool (>= 1.0.0)
      json
      redis (>= 3.0.6)
      redis-namespace (>= 1.3.1)
    slop (3.5.0)
    thin (1.6.2)
      daemons (>= 1.0.9)
      eventmachine (>= 1.0.0)
      rack (>= 1.0.0)
    timers (1.1.0)
    tzinfo (0.3.39)

PLATFORMS
  ruby

DEPENDENCIES
  kiqstand (>= 1.1.0)
  librato-rack
  librato-sidekiq
  mailcannon (= 0.3.12)!
  newrelic_rpm
  pry
  pry-nav
  rake
  thin
