GIT
  remote: https://github.com/ResultadosDigitais/mailcannon
  revision: ce946d33fa30dbe0d83837aaf596680fb14ec754
  specs:
    mailcannon (0.4.1)
      activemodel (>= 3.0.0)
      json-schema
      librato-metrics
      mongoid (~> 5.1.0)
      redis
      sendgrid_webapi (= 0.0.6)
      sidekiq

GEM
  remote: https://rubygems.org/
  specs:
    activemodel (4.2.7.1)
      activesupport (= 4.2.7.1)
      builder (~> 3.1)
    activesupport (4.2.7.1)
      i18n (~> 0.7)
      json (~> 1.7, >= 1.7.7)
      minitest (~> 5.1)
      thread_safe (~> 0.3, >= 0.3.4)
      tzinfo (~> 1.1)
    addressable (2.4.0)
    aggregate (0.2.2)
    bson (4.1.1)
    builder (3.2.2)
    coderay (1.1.0)
    concurrent-ruby (1.0.1)
    connection_pool (2.2.0)
    faraday (0.9.2)
      multipart-post (>= 1.2, < 3)
    faraday_middleware (0.9.2)
      faraday (>= 0.7.4, < 0.10)
    i18n (0.7.0)
    json (1.8.3)
    json-schema (2.7.0)
      addressable (>= 2.4)
    librato-metrics (1.6.1)
      aggregate (~> 0.2.2)
      faraday (~> 0.7)
      multi_json
    librato-rack (0.4.4)
      librato-metrics (~> 1.1)
    librato-sidekiq (0.1.2)
      sidekiq
    method_source (0.8.2)
    minitest (5.9.1)
    mongo (2.3.0)
      bson (~> 4.1)
    mongoid (5.1.4)
      activemodel (~> 4.0)
      mongo (~> 2.1)
      origin (~> 2.2)
      tzinfo (>= 0.3.37)
    multi_json (1.11.2)
    multipart-post (2.0.0)
    newrelic_rpm (3.11.1.284)
    origin (2.2.0)
    pry (0.9.12.6)
      coderay (~> 1.0)
      method_source (~> 0.8)
      slop (~> 3.4)
    pry-nav (0.2.3)
      pry (~> 0.9.10)
    rake (10.3.1)
    redis (3.2.2)
    redis-namespace (1.5.2)
      redis (~> 3.0, >= 3.0.4)
    sendgrid_webapi (0.0.6)
      faraday (~> 0.9.0)
      faraday_middleware (~> 0.9.0)
      json (~> 1.8.0)
    sidekiq (4.1.1)
      concurrent-ruby (~> 1.0)
      connection_pool (~> 2.2, >= 2.2.0)
      redis (~> 3.2, >= 3.2.1)
    slop (3.5.0)
    thread_safe (0.3.5)
    tzinfo (1.2.2)
      thread_safe (~> 0.1)

PLATFORMS
  ruby

DEPENDENCIES
  librato-rack
  librato-sidekiq
  mailcannon (= 0.4.1)!
  newrelic_rpm
  pry
  pry-nav
  rake
  redis-namespace
  sidekiq (~> 4.1.1)

BUNDLED WITH
   1.11.2
