GIT
  remote: https://github.com/ResultadosDigitais/mailcannon
  revision: cae082110013aa3210b524ca4a5dcf8bd57ff045
  specs:
    mailcannon (0.3.14)
      activemodel (>= 3.0.0)
      json-schema
      librato-metrics
      mongoid (~> 4.0.2)
      redis
      sendgrid_webapi (= 0.0.6)
      sidekiq

GEM
  remote: https://rubygems.org/
  specs:
    activemodel (4.2.6)
      activesupport (= 4.2.6)
      builder (~> 3.1)
    activesupport (4.2.6)
      i18n (~> 0.7)
      json (~> 1.7, >= 1.7.7)
      minitest (~> 5.1)
      thread_safe (~> 0.3, >= 0.3.4)
      tzinfo (~> 1.1)
    addressable (2.3.8)
    aggregate (0.2.2)
    bson (3.2.6)
    builder (3.2.2)
    coderay (1.1.0)
    concurrent-ruby (1.0.1)
    connection_pool (2.2.0)
    daemons (1.1.9)
    eventmachine (1.0.7)
    faraday (0.9.2)
      multipart-post (>= 1.2, < 3)
    faraday_middleware (0.9.2)
      faraday (>= 0.7.4, < 0.10)
    i18n (0.7.0)
    json (1.8.3)
    json-schema (2.6.1)
      addressable (~> 2.3.8)
    librato-metrics (1.6.1)
      aggregate (~> 0.2.2)
      faraday (~> 0.7)
      multi_json
    librato-rack (0.4.4)
      librato-metrics (~> 1.1)
    librato-sidekiq (0.1.2)
      sidekiq
    method_source (0.8.2)
    minitest (5.8.4)
    mongoid (4.0.2)
      activemodel (~> 4.0)
      moped (~> 2.0.0)
      origin (~> 2.1)
      tzinfo (>= 0.3.37)
    moped (2.0.7)
      bson (~> 3.0)
      connection_pool (~> 2.0)
      optionable (~> 0.2.0)
    multi_json (1.11.2)
    multipart-post (2.0.0)
    newrelic_moped (1.0.0)
      moped
      newrelic_rpm (~> 3.11)
    newrelic_rpm (3.11.1.284)
    optionable (0.2.0)
    origin (2.2.0)
    pry (0.9.12.6)
      coderay (~> 1.0)
      method_source (~> 0.8)
      slop (~> 3.4)
    pry-nav (0.2.3)
      pry (~> 0.9.10)
    rack (1.5.2)
    rake (10.3.1)
    redis (3.2.2)
    redis-namespace (1.5.2)
      redis (~> 3.0, >= 3.0.4)
    sendgrid_webapi (0.0.6)
      faraday (~> 0.9.0)
      faraday_middleware (~> 0.9.0)
      json (~> 1.8.0)
    sidekiq (4.1.1)
      concurrent-ruby (~> 1.0)
      connection_pool (~> 2.2, >= 2.2.0)
      redis (~> 3.2, >= 3.2.1)
    slop (3.5.0)
    thin (1.6.2)
      daemons (>= 1.0.9)
      eventmachine (>= 1.0.0)
      rack (>= 1.0.0)
    thread_safe (0.3.5)
    tzinfo (1.2.2)
      thread_safe (~> 0.1)

PLATFORMS
  ruby

DEPENDENCIES
  librato-rack
  librato-sidekiq
  mailcannon (= 0.3.14)!
  newrelic_moped
  newrelic_rpm
  pry
  pry-nav
  rake
  redis-namespace
  sidekiq (~> 4.1.1)
  thin

BUNDLED WITH
   1.11.2
